GEM
  remote: https://rubygems.org/
  specs:
    color_echo (3.1.1)
    liquid (4.0.0)
    puma (3.8.2)
    rack (2.0.3)
    simple_rotate (1.2.0)

PLATFORMS
  ruby

DEPENDENCIES
  color_echo (~> 3.1, >= 3.1.1)
  liquid (~> 4.0, >= 4.0.0)
  puma (~> 3.8.2)
  rack (~> 2.0, >= 2.0.3)
  simple_rotate (~> 1.2, >= 1.2.0)

BUNDLED WITH
   1.15.3
